GEM
  remote: http://rubygems.org/
  specs:
    columnize (0.3.5)
    diff-lcs (1.1.3)
    ffi (1.0.11)
    git (1.2.5)
    growl (1.0.3)
    guard (1.0.0)
      ffi (>= 0.5.0)
      thor (~> 0.14.6)
    guard-bundler (0.1.3)
      bundler (>= 1.0.0)
      guard (>= 0.2.2)
    guard-rspec (0.6.0)
      guard (>= 0.10.0)
    jeweler (1.8.3)
      bundler (~> 1.0)
      git (>= 1.2.5)
      rake
      rdoc
    json (1.6.5)
    linecache (0.46)
      rbx-require-relative (> 0.0.4)
    nokogiri (1.5.0)
    rake (0.9.2.2)
    rbx-require-relative (0.0.5)
    rcov (1.0.0)
    rdoc (3.12)
      json (~> 1.4)
    rspec (2.8.0)
      rspec-core (~> 2.8.0)
      rspec-expectations (~> 2.8.0)
      rspec-mocks (~> 2.8.0)
    rspec-core (2.8.0)
    rspec-expectations (2.8.0)
      diff-lcs (~> 1.1.2)
    rspec-mocks (2.8.0)
    ruby-debug (0.10.4)
      columnize (>= 0.1)
      ruby-debug-base (~> 0.10.4.0)
    ruby-debug-base (0.10.4)
      linecache (>= 0.3)
    sanitize (2.0.3)
      nokogiri (>= 1.4.4, < 1.6)
    thor (0.14.6)

PLATFORMS
  ruby

DEPENDENCIES
  bundler (~> 1.0.0)
  growl
  guard (>= 1.0.0)
  guard-bundler (>= 0.1.3)
  guard-rspec (>= 0.6.0)
  jeweler (~> 1.8.3)
  rcov
  rdoc (~> 3.12)
  rspec (~> 2.8.0)
  ruby-debug
  sanitize
